GEM
  remote: https://rubygems.org/
  specs:
    pg (0.17.1)
    sequel (4.14.0)

PLATFORMS
  ruby

DEPENDENCIES
  pg
  sequel
